GIT
  remote: https://github.com/datamapper/devtools.git
  revision: a78791231696edd2543c5fe3a959946fad0cfa44
  specs:
    devtools (0.0.1)
      adamantium (~> 0.0.5)
      rake (~> 10.0.3)

GIT
  remote: https://github.com/guard/listen
  revision: ac93c7dfffa0400c49d24b13ad0a61981b081f59
  specs:
    listen (0.7.2)

GIT
  remote: https://github.com/mbj/composition.git
  revision: 85900a6a1d0dc1bef967de31704263ced8b3fbd7
  specs:
    composition (0.0.1)
      adamantium (~> 0.0.5)
      backports (~> 2.7.0)
      equalizer (~> 0.0.3)

GIT
  remote: https://github.com/mbj/html.git
  revision: 638aecc1e80db19bfe2a7925385417242a04fdae
  specs:
    html (0.0.1)
      adamantium (~> 0.0.5)
      backports (~> 2.7.0)
      equalizer (~> 0.0.3)

GIT
  remote: https://github.com/troessner/reek.git
  revision: ef77fcecaa21c9ebcbe4d9a79d41b0e70196bf18
  ref: ef77fcecaa21c9ebcbe4d9a79d41b0e70196bf18
  specs:
    reek (1.2.13)
      ripper_ruby_parser (~> 0.0.7)
      ruby2ruby (~> 1.2.5)
      ruby_parser (~> 2.0)
      sexp_processor (~> 3.0)

PATH
  remote: .
  specs:
    navigation (0.0.1)
      adamantium (~> 0.0.5)
      anima (~> 0.0.2)
      backports (~> 2.7.0)
      composition (~> 0.0.1)
      equalizer (~> 0.0.3)

GEM
  remote: http://rubygems.org/
  specs:
    abstract_type (0.0.2)
    adamantium (0.0.5)
      backports (~> 2.7.0)
      ice_nine (~> 0.6.0)
    anima (0.0.4)
      abstract_type (~> 0.0.2)
      adamantium (~> 0.0.5)
      backports (~> 2.7.0)
      equalizer (~> 0.0.3)
    backports (2.7.1)
    coderay (1.0.8)
    descendants_tracker (0.0.1)
    diff-lcs (1.1.3)
    env (0.3.0)
    equalizer (0.0.3)
      adamantium (~> 0.0.5)
      backports (~> 2.7.0)
    ffi (1.3.1)
    ffi-hunspell (0.2.5)
      env (~> 0.2)
      ffi (~> 1.0)
    flay (1.4.3)
      ruby_parser (~> 2.0)
      sexp_processor (~> 3.0)
    flog (2.5.3)
      ruby_parser (~> 2.0)
      sexp_processor (~> 3.0)
    guard (1.6.2)
      listen (>= 0.6.0)
      lumberjack (>= 1.0.2)
      pry (>= 0.9.10)
      terminal-table (>= 1.4.3)
      thor (>= 0.14.6)
    guard-bundler (1.0.0)
      bundler (~> 1.0)
      guard (~> 1.1)
    guard-rspec (2.3.3)
      guard (>= 1.1)
      rspec (~> 2.11)
    ice_nine (0.6.0)
    libnotify (0.8.0)
      ffi (>= 1.0.11)
    lumberjack (1.0.2)
    mbj-inflector (0.0.2)
    method_source (0.8.1)
    multi_json (1.5.0)
    mutant (0.2.16)
      abstract_type (~> 0.0.2)
      adamantium (~> 0.0.4)
      backports (~> 2.6)
      descendants_tracker (~> 0.0.1)
      diff-lcs (~> 1.1.3)
      equalizer (~> 0.0.1)
      ice_nine (~> 0.6.0)
      mbj-inflector (~> 0.0.1)
      to_source (~> 0.2.14)
    mutant-melbourne (2.0.3)
    pelusa (0.2.2)
    pry (0.9.11.4)
      coderay (~> 1.0.5)
      method_source (~> 0.8)
      slop (~> 3.4)
    rake (10.0.3)
    rb-fchange (0.0.6)
      ffi
    rb-fsevent (0.9.3)
    rb-inotify (0.9.0)
      ffi (>= 0.5.0)
    rb-notifu (0.0.4)
    rbench (0.2.3)
    rcov (1.0.0)
    redcarpet (2.2.2)
    ripper_ruby_parser (0.0.8)
      sexp_processor (~> 3.0)
    roodi (2.1.0)
      ruby_parser
    rspec (2.12.0)
      rspec-core (~> 2.12.0)
      rspec-expectations (~> 2.12.0)
      rspec-mocks (~> 2.12.0)
    rspec-core (2.12.2)
    rspec-expectations (2.12.1)
      diff-lcs (~> 1.1.3)
    rspec-mocks (2.12.1)
    ruby2ruby (1.2.5)
      ruby_parser (~> 2.0)
      sexp_processor (~> 3.0)
    ruby_parser (2.3.1)
      sexp_processor (~> 3.0)
    sexp_processor (3.2.0)
    simplecov (0.7.1)
      multi_json (~> 1.0)
      simplecov-html (~> 0.7.1)
    simplecov-html (0.7.1)
    slop (3.4.3)
    terminal-notifier-guard (1.5.3)
    terminal-table (1.4.5)
    thor (0.17.0)
    to_source (0.2.17)
      abstract_type (~> 0.0.2)
      adamantium (~> 0.0.5)
      equalizer (~> 0.0.3)
      mutant-melbourne (~> 2.0.3)
    yard (0.8.3)
    yard-spellcheck (0.1.5)
      ffi-hunspell (~> 0.2)
      yard (~> 0.6)
    yardstick (0.9.1)
      backports (~> 2.7.0)
      yard (~> 0.8.3)

PLATFORMS
  ruby

DEPENDENCIES
  backports (~> 2.7.0)
  composition!
  devtools!
  flay (~> 1.4.3)
  flog (~> 2.5.3)
  guard (~> 1.6.1)
  guard-bundler (~> 1.0.0)
  guard-rspec (~> 2.3.3)
  html!
  jruby-openssl (~> 0.8.2)
  libnotify (~> 0.8.0)
  listen (~> 0.7.2)!
  mutant (~> 0.2.15)
  navigation!
  pelusa (~> 0.2.2)
  rake (~> 10.0.3)
  rb-fchange (~> 0.0.6)
  rb-fsevent (~> 0.9.3)
  rb-inotify (~> 0.9.0)
  rb-notifu (~> 0.0.4)
  rbench (~> 0.2.3)
  rcov (~> 1.0.0)
  redcarpet (~> 2.2.2)
  reek (~> 1.2.13)!
  roodi (~> 2.1.0)
  rspec (~> 2.12.0)
  simplecov (~> 0.7.1)
  terminal-notifier-guard (~> 1.5.3)
  yard (~> 0.8.3)
  yard-spellcheck (~> 0.1.5)
  yardstick (~> 0.9.0)
